PATH
  remote: .
  specs:
    Current_Broadway_Shows (0.1.0)
      nokogiri
      open-uri

GEM
  remote: https://rubygems.org/
  specs:
    coderay (1.1.3)
    date (3.1.1)
    method_source (1.0.0)
    mini_portile2 (2.4.0)
    nokogiri (1.10.10)
      mini_portile2 (~> 2.4.0)
    open-uri (0.1.0)
      stringio
      time
      uri
    pry (0.13.1)
      coderay (~> 1.1)
      method_source (~> 1.0)
    rake (12.3.3)
    stringio (3.0.0)
    time (0.1.0)
      date
    uri (0.10.1)

PLATFORMS
  ruby

DEPENDENCIES
  Current_Broadway_Shows!
  bundler
  nokogiri
  open-uri
  pry
  rake (~> 12.0)

BUNDLED WITH
   2.2.16
